GEM
  remote: http://rubygems.org/
  specs:
    rdiscount (2.0.7.1)

PLATFORMS
  ruby

DEPENDENCIES
  rdiscount
